GEM
  remote: https://rubygems.org/
  specs:
    front_matter_parser (1.0.1)
    rdiscount (2.2.7.3)
    tilt (2.3.0)

PLATFORMS
  ruby
  x86_64-linux

DEPENDENCIES
  front_matter_parser
  rdiscount
  tilt

BUNDLED WITH
   2.5.3
